GEM
  remote: http://rubygems.org/
  specs:
    diff-lcs (1.1.3)
    json (1.6.5)
    rspec (2.8.0)
      rspec-core (~> 2.8.0)
      rspec-expectations (~> 2.8.0)
      rspec-mocks (~> 2.8.0)
    rspec-core (2.8.0)
    rspec-expectations (2.8.0)
      diff-lcs (~> 1.1.2)
    rspec-mocks (2.8.0)
    rufus-scheduler (2.0.16)
      tzinfo (>= 0.3.23)
    tzinfo (0.3.31)
    zmq (2.1.4)

PLATFORMS
  ruby

DEPENDENCIES
  json
  rspec
  rufus-scheduler
  zmq
