GEM
  remote: http://rubygems.org/
  specs:
    diff-lcs (1.1.3)
    ffi (1.0.11)
    growl (1.0.3)
    guard (1.0.0)
      ffi (>= 0.5.0)
      thor (~> 0.14.6)
    guard-rspec (0.6.0)
      guard (>= 0.10.0)
    json (1.6.5)
    rspec (2.8.0)
      rspec-core (~> 2.8.0)
      rspec-expectations (~> 2.8.0)
      rspec-mocks (~> 2.8.0)
    rspec-core (2.8.0)
    rspec-expectations (2.8.0)
      diff-lcs (~> 1.1.2)
    rspec-mocks (2.8.0)
    rufus-scheduler (2.0.16)
      tzinfo (>= 0.3.23)
    thor (0.14.6)
    tzinfo (0.3.31)
    zmq (2.1.4)

PLATFORMS
  ruby

DEPENDENCIES
  growl
  guard
  guard-rspec
  json
  rspec
  rufus-scheduler
  zmq
